GEM
  remote: https://rubygems.org/
  specs:
    domain_name (0.5.20190701)
      unf (>= 0.0.5, < 1.0.0)
    glutton_ratelimit (0.2.0)
    http-cookie (1.0.3)
      domain_name (~> 0.5)
    marc (0.5.0)
    mime-types (2.99.3)
    mini_portile2 (2.1.0)
    netrc (0.11.0)
    nokogiri (1.6.8.1)
      mini_portile2 (~> 2.1.0)
    rake (10.1.0)
    rake-hooks (1.2.3)
      rake
    rest-client (1.8.0)
      http-cookie (>= 1.0.2, < 2.0)
      mime-types (>= 1.16, < 3.0)
      netrc (~> 0.7)
    unf (0.1.4)
      unf_ext
    unf_ext (0.0.7.6)

PLATFORMS
  ruby

DEPENDENCIES
  glutton_ratelimit
  marc
  nokogiri (~> 1.6.8)
  rake-hooks
  rest-client

BUNDLED WITH
   1.15.4
