GEM
  remote: https://rubygems.org/
  specs:
    glutton_ratelimit (0.2.0)
    marc (0.5.0)
    mime-types (1.23)
    mini_portile2 (2.4.0)
    nokogiri (1.10.8)
      mini_portile2 (~> 2.4.0)
    rake (10.1.0)
    rake-hooks (1.2.3)
      rake
    rest-client (1.6.7)
      mime-types (>= 1.16)

PLATFORMS
  ruby

DEPENDENCIES
  glutton_ratelimit
  marc
  nokogiri (~> 1.10.8)
  rake-hooks
  rest-client

BUNDLED WITH
   1.15.4
